GEM
  remote: https://rubygems.org/
  specs:
    memcached (1.8.0)
    rack (1.6.8)
    sinatra (1.1.0)
      rack (~> 1.1)
      tilt (~> 1.1)
    tilt (1.4.1)

PLATFORMS
  ruby

DEPENDENCIES
  memcached (= 1.8.0)
  sinatra (= 1.1.0)

RUBY VERSION
   ruby 2.3.3p222

BUNDLED WITH
   1.15.0
